GEM
  remote: https://rubygems.org/
  specs:
    diff-lcs (1.2.5)
    ffi (1.9.10)
    listen (3.0.3)
      rb-fsevent (>= 0.9.3)
      rb-inotify (>= 0.9)
    rack (1.6.4)
    rack-protection (1.5.3)
      rack
    rb-fsevent (0.9.6)
    rb-inotify (0.9.5)
      ffi (>= 0.5.0)
    rerun (0.11.0)
      listen (~> 3.0)
    rspec (3.4.0)
      rspec-core (~> 3.4.0)
      rspec-expectations (~> 3.4.0)
      rspec-mocks (~> 3.4.0)
    rspec-core (3.4.3)
      rspec-support (~> 3.4.0)
    rspec-expectations (3.4.0)
      diff-lcs (>= 1.2.0, < 2.0)
      rspec-support (~> 3.4.0)
    rspec-mocks (3.4.1)
      diff-lcs (>= 1.2.0, < 2.0)
      rspec-support (~> 3.4.0)
    rspec-support (3.4.1)
    sinatra (1.4.6)
      rack (~> 1.4)
      rack-protection (~> 1.4)
      tilt (>= 1.3, < 3)
    sqlite3 (1.3.11)
    tilt (2.0.1)

PLATFORMS
  ruby

DEPENDENCIES
  rerun
  rspec
  sinatra
  sqlite3

BUNDLED WITH
   1.11.2
